PATH
  remote: .
  specs:
    graphite-dashboard-api (0.1.0)
      deep_merge
      rest-client

GEM
  remote: https://rubygems.org/
  specs:
    deep_merge (1.0.1)
    diff-lcs (1.2.5)
    mime-types (2.1)
    rest-client (1.6.7)
      mime-types (>= 1.16)
    rspec (2.14.1)
      rspec-core (~> 2.14.0)
      rspec-expectations (~> 2.14.0)
      rspec-mocks (~> 2.14.0)
    rspec-core (2.14.7)
    rspec-expectations (2.14.5)
      diff-lcs (>= 1.1.3, < 2.0)
    rspec-mocks (2.14.6)

PLATFORMS
  ruby

DEPENDENCIES
  graphite-dashboard-api!
  rspec
